GEM
  remote: https://rubygems.org/
  specs:
    coderay (1.1.0)
    icalendar (1.4.5)
    method_source (0.8.2)
    mime-types (1.25.1)
    pry (0.9.12.4)
      coderay (~> 1.0)
      method_source (~> 0.8)
      slop (~> 3.4)
    rack (1.5.2)
    rack-protection (1.5.1)
      rack
    rest-client (1.6.7)
      mime-types (>= 1.16)
    sinatra (1.4.4)
      rack (~> 1.4)
      rack-protection (~> 1.4)
      tilt (~> 1.3, >= 1.3.4)
    slop (3.4.7)
    tilt (1.4.1)

PLATFORMS
  ruby

DEPENDENCIES
  icalendar
  pry
  rack
  rest-client
  sinatra
